GEM
  remote: https://rubygems.org/
  specs:
    addressable (2.8.0)
      public_suffix (>= 2.0.2, < 5.0)
    colored (1.2)
    concurrent-ruby (1.1.10)
    cri (2.15.11)
    ddmetrics (1.0.1)
    ddplugin (1.0.3)
    diff-lcs (1.5.0)
    ffi (1.15.5)
    haml (5.2.2)
      temple (>= 0.8.0)
      tilt
    haml-contrib (1.0.0.1)
      haml (>= 3.2.0.alpha.13)
    hamster (3.0.0)
      concurrent-ruby (~> 1.0)
    json_schema (0.21.0)
    memo_wise (1.7.0)
    mini_portile2 (2.8.0)
    nanoc (4.12.6)
      addressable (~> 2.5)
      colored (~> 1.2)
      nanoc-checking (~> 1.0, >= 1.0.2)
      nanoc-cli (= 4.12.6)
      nanoc-core (= 4.12.6)
      nanoc-deploying (~> 1.0)
      parallel (~> 1.12)
      tty-command (~> 0.8)
      tty-which (~> 0.4)
    nanoc-checking (1.0.2)
      nanoc-cli (~> 4.12, >= 4.12.4)
      nanoc-core (~> 4.12, >= 4.12.4)
    nanoc-cli (4.12.6)
      cri (~> 2.15)
      diff-lcs (~> 1.3)
      nanoc-core (= 4.12.6)
      zeitwerk (~> 2.1)
    nanoc-core (4.12.6)
      concurrent-ruby (~> 1.1)
      ddmetrics (~> 1.0)
      ddplugin (~> 1.0)
      hamster (~> 3.0)
      json_schema (~> 0.19)
      memo_wise (~> 1.5)
      slow_enumerator_tools (~> 1.0)
      tty-platform (~> 0.2)
      zeitwerk (~> 2.1)
    nanoc-deploying (1.0.2)
      nanoc-checking (~> 1.0)
      nanoc-cli (~> 4.11, >= 4.11.15)
      nanoc-core (~> 4.11, >= 4.11.15)
    nokogiri (1.13.6)
      mini_portile2 (~> 2.8.0)
      racc (~> 1.4)
    pandoc-ruby (2.1.6)
    parallel (1.22.1)
    pastel (0.8.0)
      tty-color (~> 0.5)
    public_suffix (4.0.7)
    racc (1.6.0)
    rake (13.0.6)
    rb-fsevent (0.11.1)
    rb-inotify (0.10.1)
      ffi (~> 1.0)
    ruby-treemap-fork (0.0.4)
    sass (3.7.4)
      sass-listen (~> 4.0.0)
    sass-listen (4.0.0)
      rb-fsevent (~> 0.9, >= 0.9.4)
      rb-inotify (~> 0.9, >= 0.9.7)
    slow_enumerator_tools (1.1.0)
    temple (0.8.2)
    tilt (2.0.10)
    tty-color (0.6.0)
    tty-command (0.10.1)
      pastel (~> 0.8)
    tty-platform (0.3.0)
    tty-which (0.5.0)
    zeitwerk (2.5.4)

PLATFORMS
  ruby

DEPENDENCIES
  haml
  haml-contrib
  nanoc
  nokogiri
  pandoc-ruby
  rake
  ruby-treemap-fork
  sass

BUNDLED WITH
   2.2.5
