GEM
  remote: https://rubygems.org/
  specs:
    colored (1.2)
    cri (2.7.0)
      colored (~> 1.2)
    haml (4.0.7)
      tilt
    mini_portile2 (2.1.0)
    nanoc (4.2.0)
      cri (~> 2.3)
    nokogiri (1.6.8)
      mini_portile2 (~> 2.1.0)
      pkg-config (~> 1.1.7)
    pkg-config (1.1.7)
    rake (11.2.2)
    ruby-treemap-fork (0.0.4)
    sass (3.4.22)
    tilt (2.0.5)

PLATFORMS
  ruby

DEPENDENCIES
  haml
  nanoc
  nokogiri
  rake
  ruby-treemap-fork
  sass

BUNDLED WITH
   1.12.5
