GEM
  remote: http://rubygems.org/
  specs:
    colored (1.2)
    cri (2.3.0)
      colored (>= 1.2)
    erubis (2.7.0)
    haml (4.0.0)
      tilt
    nanoc (3.6.1)
      cri (~> 2.3)
    nokogiri (1.5.6)
    ruby-treemap (0.0.3)
    sass (3.2.6)
    tilt (1.3.4)

PLATFORMS
  ruby

DEPENDENCIES
  erubis
  haml
  nanoc
  nokogiri
  ruby-treemap
  sass
