GEM
  remote: https://rubygems.org/
  specs:
    addressable (2.6.0)
      public_suffix (>= 2.0.2, < 4.0)
    colored (1.2)
    concurrent-ruby (1.1.4)
    cri (2.15.3)
      colored (~> 1.2)
    ddmemoize (1.0.0)
      ddmetrics (~> 1.0)
      ref (~> 2.0)
    ddmetrics (1.0.1)
    ddplugin (1.0.2)
    ffi (1.10.0)
    haml (5.0.4)
      temple (>= 0.8.0)
      tilt
    haml-contrib (1.0.0.1)
      haml (>= 3.2.0.alpha.13)
    hamster (3.0.0)
      concurrent-ruby (~> 1.0)
    json_schema (0.20.1)
    mini_portile2 (2.4.0)
    nanoc (4.11.1)
      addressable (~> 2.5)
      cri (~> 2.15)
      nanoc-core (= 4.11.1)
      parallel (~> 1.12)
      slow_enumerator_tools (~> 1.0)
      tomlrb (~> 1.2)
    nanoc-core (4.11.1)
      ddmemoize (~> 1.0)
      ddmetrics (~> 1.0)
      ddplugin (~> 1.0)
      hamster (~> 3.0)
      json_schema (~> 0.19)
    nokogiri (1.10.1)
      mini_portile2 (~> 2.4.0)
    pandoc-ruby (2.0.2)
    parallel (1.13.0)
    public_suffix (3.0.3)
    rake (12.3.2)
    rb-fsevent (0.10.3)
    rb-inotify (0.10.0)
      ffi (~> 1.0)
    ref (2.0.0)
    ruby-treemap-fork (0.0.4)
    sass (3.7.3)
      sass-listen (~> 4.0.0)
    sass-listen (4.0.0)
      rb-fsevent (~> 0.9, >= 0.9.4)
      rb-inotify (~> 0.9, >= 0.9.7)
    slow_enumerator_tools (1.1.0)
    temple (0.8.0)
    tilt (2.0.9)
    tomlrb (1.2.8)

PLATFORMS
  ruby

DEPENDENCIES
  haml
  haml-contrib
  nanoc
  nokogiri
  pandoc-ruby
  rake
  ruby-treemap-fork
  sass

BUNDLED WITH
   1.17.2
