GEM
  remote: https://rubygems.org/
  specs:
    colored (1.2)
    cri (2.6.1)
      colored (~> 1.2)
    haml (4.0.6)
      tilt
    mini_portile (0.6.2)
    nanoc (3.7.5)
      cri (~> 2.3)
    nokogiri (1.6.6.2)
      mini_portile (~> 0.6.0)
    ruby-treemap-fork (0.0.4)
    sass (3.4.13)
    tilt (2.0.1)

PLATFORMS
  ruby

DEPENDENCIES
  haml
  nanoc
  nokogiri
  ruby-treemap-fork
  sass
