GEM
  remote: https://rubygems.org/
  specs:
    colored (1.2)
    concurrent-ruby (1.0.5)
    cri (2.8.0)
      colored (~> 1.2)
    ddplugin (1.0.1)
    haml (5.0.1)
      temple (>= 0.8.0)
      tilt
    haml-contrib (1.0.0.1)
      haml (>= 3.2.0.alpha.13)
    hamster (3.0.0)
      concurrent-ruby (~> 1.0)
    mini_portile2 (2.1.0)
    nanoc (4.7.9)
      cri (~> 2.8)
      ddplugin (~> 1.0)
      hamster (~> 3.0)
      ref (~> 2.0)
    nokogiri (1.7.1)
      mini_portile2 (~> 2.1.0)
    pandoc-ruby (2.0.1)
    rake (12.0.0)
    ref (2.0.0)
    ruby-treemap-fork (0.0.4)
    sass (3.4.23)
    temple (0.8.0)
    tilt (2.0.7)

PLATFORMS
  ruby

DEPENDENCIES
  haml
  haml-contrib
  nanoc
  nokogiri
  pandoc-ruby
  rake
  ruby-treemap-fork
  sass

BUNDLED WITH
   1.14.6
